GEM
  remote: https://rubygems.org/
  specs:
    dotenv (2.7.6)
    mustermann (1.1.1)
      ruby2_keywords (~> 0.0.1)
    rack (2.2.3)
    rack-protection (2.1.0)
      rack
    ruby2_keywords (0.0.4)
    rufo (0.12.0)
    sinatra (2.1.0)
      mustermann (~> 1.0)
      rack (~> 2.2)
      rack-protection (= 2.1.0)
      tilt (~> 2.0)
    tilt (2.0.10)
    webrick (1.7.0)

PLATFORMS
  x86_64-linux-musl

DEPENDENCIES
  dotenv
  rufo
  sinatra
  webrick

BUNDLED WITH
   2.2.3
